GEM
  remote: https://rubygems.org/
  specs:
    ffi (1.9.25)
    mecab (0.996)
    mini_portile2 (2.3.0)
    mustermann (1.0.3)
    natto (1.1.1)
      ffi (>= 1.9.0)
    nokogiri (1.8.5)
      mini_portile2 (~> 2.3.0)
    rack (2.0.6)
    rack-protection (2.0.4)
      rack
    sinatra (2.0.4)
      mustermann (~> 1.0)
      rack (~> 2.0)
      rack-protection (= 2.0.4)
      tilt (~> 2.0)
    tilt (2.0.9)

PLATFORMS
  ruby

DEPENDENCIES
  mecab
  natto
  nokogiri
  sinatra

BUNDLED WITH
   1.16.2
